PATH
  remote: .
  specs:
    trailer_vote-media_types (1.4.0)
      media_types (>= 0.6.0, < 1)

PATH
  remote: /home/louis/work/trailervote-fixtures
  specs:
    trailer_vote-fixtures (1.8.2)

GEM
  remote: https://rubygems.org/
  specs:
    ansi (1.5.0)
    awesome_print (1.8.0)
    builder (3.2.3)
    docile (1.3.2)
    json (2.2.0)
    media_types (0.6.2)
    minitest (5.12.2)
    minitest-ci (3.4.0)
      minitest (>= 5.0.6)
    minitest-reporters (1.4.1)
      ansi
      builder
      minitest (>= 5.0)
      ruby-progressbar
    oj (3.9.2)
    rake (13.0.0)
    ruby-progressbar (1.10.1)
    simplecov (0.17.1)
      docile (~> 1.1)
      json (>= 1.8, < 3)
      simplecov-html (~> 0.10.0)
    simplecov-html (0.10.2)

PLATFORMS
  ruby
  x64-mingw32

DEPENDENCIES
  awesome_print (~> 1.8)
  bundler (~> 1.16)
  minitest (~> 5.0)
  minitest-ci (~> 3.4)
  minitest-reporters (~> 1.3)
  oj (~> 3.6)
  rake (~> 13.0)
  simplecov (~> 0.16)
  trailer_vote-fixtures!
  trailer_vote-media_types!

BUNDLED WITH
   1.17.3
