PATH
  remote: .
  specs:
    trailer_vote-media_types (3.0.1)
      media_types (>= 2.0.0, < 3)

GEM
  remote: https://rubygems.org/
  specs:
    ansi (1.5.0)
    awesome_print (1.8.0)
    builder (3.2.4)
    docile (1.3.2)
    media_types (2.0.1)
    minitest (5.14.0)
    minitest-ci (3.4.0)
      minitest (>= 5.0.6)
    minitest-reporters (1.4.2)
      ansi
      builder
      minitest (>= 5.0)
      ruby-progressbar
    oj (3.10.5)
    rake (13.0.1)
    ruby-progressbar (1.10.1)
    simplecov (0.18.5)
      docile (~> 1.1)
      simplecov-html (~> 0.11)
    simplecov-html (0.12.2)
    trailer_vote-fixtures (1.17.5)

PLATFORMS
  ruby
  x64-mingw32

DEPENDENCIES
  awesome_print (~> 1.8)
  bundler (~> 2.0)
  minitest (~> 5.0)
  minitest-ci (~> 3.4)
  minitest-reporters (~> 1.3)
  oj (~> 3.6)
  rake (~> 13.0)
  simplecov (~> 0.16)
  trailer_vote-fixtures (~> 1.17.5)
  trailer_vote-media_types!

BUNDLED WITH
   2.1.4
